GEM
  remote: http://rubygems.org/
  specs:
    hashie (1.0.0)
    json_pure (1.5.1)
    rack (1.2.2)
    sinatra (1.2.3)
      rack (~> 1.1)
      tilt (>= 1.2.2, < 2.0)
    tilt (1.2.2)
    tropo-webapi-ruby (0.1.10)
      hashie (>= 0.2.0)
      json_pure (>= 1.2.0)

PLATFORMS
  ruby

DEPENDENCIES
  sinatra
  tropo-webapi-ruby
